GIT
  remote: https://github.com/Jaen/pygments.rb.git
  revision: b1f80771b3d382a437706e49f9794885f3beed80
  specs:
    pygments.rb (0.2.12)
      rubypython (~> 0.6.1)

PATH
  remote: /home/jaen/share/courses/middleman-sprockets
  specs:
    middleman-sprockets (3.0.4)

PATH
  remote: /home/jaen/share/courses/middleman/middleman
  specs:
    middleman (3.1.0.alpha.1)
      middleman-core (= 3.1.0.alpha.1)
      middleman-more (= 3.1.0.alpha.1)

PATH
  remote: /home/jaen/share/courses/middleman/middleman-core
  specs:
    middleman-core (3.1.0.alpha.1)
      activesupport (~> 3.2.6)
      bundler (~> 1.1)
      listen (~> 0.5.2)
      rack (~> 1.4.1)
      rack-test (~> 0.6.1)
      rb-fsevent (~> 0.9.1)
      rb-inotify (~> 0.8.8)
      thor (~> 0.15.4)
      tilt (~> 1.3.1)

PATH
  remote: /home/jaen/share/courses/middleman/middleman-more
  specs:
    middleman-more (3.1.0.alpha.1)
      coffee-script (~> 2.2.0)
      coffee-script-source (~> 1.3.3)
      compass (>= 0.12.2)
      execjs (~> 1.4.0)
      haml (>= 3.1.6)
      i18n (~> 0.6.0)
      maruku (~> 0.6.0)
      middleman-core (= 3.1.0.alpha.1)
      padrino-helpers (= 0.10.7)
      sass (>= 3.1.20)
      uglifier (~> 1.2.6)

GEM
  remote: http://rubygems.org/
  specs:
    actionpack (3.2.9)
      activemodel (= 3.2.9)
      activesupport (= 3.2.9)
      builder (~> 3.0.0)
      erubis (~> 2.7.0)
      journey (~> 1.0.4)
      rack (~> 1.4.0)
      rack-cache (~> 1.2)
      rack-test (~> 0.6.1)
      sprockets (~> 2.2.1)
    activemodel (3.2.9)
      activesupport (= 3.2.9)
      builder (~> 3.0.0)
    activesupport (3.2.9)
      i18n (~> 0.6)
      multi_json (~> 1.0)
    awesome_print (1.0.2)
    binding_of_caller (0.6.8)
    blankslate (3.1.2)
    builder (3.0.4)
    chunky_png (1.2.6)
    coderay (1.0.8)
    coffee-script (2.2.0)
      coffee-script-source
      execjs
    coffee-script-source (1.3.3)
    columnize (0.3.6)
    compass (0.12.2)
      chunky_png (~> 1.2)
      fssm (>= 0.2.7)
      sass (~> 3.1)
    coolline (0.4.0)
    debugger (1.2.2)
      columnize (>= 0.3.1)
      debugger-linecache (~> 1.1.1)
      debugger-ruby_core_source (~> 1.1.5)
    debugger-linecache (1.1.2)
      debugger-ruby_core_source (>= 1.1.1)
    debugger-ruby_core_source (1.1.5)
    diff-lcs (1.1.3)
    diffy (2.1.0)
    erubis (2.7.0)
    execjs (1.4.0)
      multi_json (~> 1.0)
    ffi (1.2.0)
    fssm (0.2.9)
    grit (2.5.0)
      diff-lcs (~> 1.1)
      mime-types (~> 1.15)
      posix-spawn (~> 0.3.6)
    haml (3.1.7)
    hike (1.2.1)
    hirb (0.6.2)
    http_router (0.10.2)
      rack (>= 1.0.0)
      url_mount (~> 0.2.1)
    i18n (0.6.1)
    jazz_hands (0.2.0)
      awesome_print (~> 1.0.2)
      coderay (~> 1.0.5)
      coolline (>= 0.1.0)
      hirb (~> 0.6.2)
      pry (~> 0.9.8.4)
      pry-doc (~> 0.4.1)
      pry-git (~> 0.2.2)
      pry-nav (~> 0.2.0)
      pry-remote (>= 0.1.1)
      pry-stack_explorer (~> 0.4.1)
      railties (~> 3.0)
    journey (1.0.4)
    json (1.7.5)
    listen (0.5.3)
    maruku (0.6.1)
      syntax (>= 1.0.0)
    method_source (0.7.1)
    mime-types (1.19)
    multi_json (1.4.0)
    padrino-core (0.10.7)
      activesupport (~> 3.2.0)
      http_router (~> 0.10.2)
      sinatra (~> 1.3.1)
      thor (~> 0.15.2)
      tilt (~> 1.3.0)
    padrino-helpers (0.10.7)
      i18n (~> 0.6)
      padrino-core (= 0.10.7)
    posix-spawn (0.3.6)
    pry (0.9.8.4)
      coderay (~> 1.0.5)
      method_source (~> 0.7.1)
      slop (>= 2.4.4, < 3)
    pry-doc (0.4.3)
      pry (>= 0.9.0)
      yard (~> 0.8.1)
    pry-git (0.2.3)
      diffy
      grit
      pry (>= 0.9.8)
    pry-nav (0.2.0)
      pry (~> 0.9.8.1)
    pry-remote (0.1.1)
      pry (~> 0.9.8)
      slop (~> 2.1)
    pry-stack_explorer (0.4.7)
      binding_of_caller (~> 0.6.8)
    rack (1.4.1)
    rack-cache (1.2)
      rack (>= 0.4)
    rack-protection (1.2.0)
      rack
    rack-ssl (1.3.2)
      rack
    rack-test (0.6.2)
      rack (>= 1.0)
    railties (3.2.9)
      actionpack (= 3.2.9)
      activesupport (= 3.2.9)
      rack-ssl (~> 1.3.2)
      rake (>= 0.8.7)
      rdoc (~> 3.4)
      thor (>= 0.14.6, < 2.0)
    rake (10.0.2)
    rb-fsevent (0.9.2)
    rb-inotify (0.8.8)
      ffi (>= 0.5.0)
    rdoc (3.12)
      json (~> 1.4)
    rubypython (0.6.3)
      blankslate (>= 2.1.2.3)
      ffi (>= 1.0.7)
    sass (3.2.3)
    sinatra (1.3.3)
      rack (~> 1.3, >= 1.3.6)
      rack-protection (~> 1.2)
      tilt (~> 1.3, >= 1.3.3)
    slop (2.4.4)
    sprockets (2.2.2)
      hike (~> 1.2)
      multi_json (~> 1.0)
      rack (~> 1.0)
      tilt (~> 1.1, != 1.3.0)
    stylus (0.6.2)
      execjs
      stylus-source
    stylus-source (0.31.0)
    syntax (1.0.0)
    thor (0.15.4)
    tilt (1.3.3)
    uglifier (1.2.7)
      execjs (>= 0.3.0)
      multi_json (~> 1.3)
    url_mount (0.2.1)
      rack
    yard (0.8.3)

PLATFORMS
  ruby

DEPENDENCIES
  debugger
  jazz_hands
  middleman!
  middleman-core!
  middleman-more!
  middleman-sprockets!
  pry
  pygments.rb!
  stylus
